GEM
  remote: http://rubygems.org/
  specs:
    ffi (1.9.18)
    haml (5.0.3)
      temple (>= 0.8.0)
      tilt
    listen (3.1.5)
      rb-fsevent (~> 0.9, >= 0.9.4)
      rb-inotify (~> 0.9, >= 0.9.7)
      ruby_dep (~> 1.2)
    parslet (1.8.1)
    rack (1.6.8)
    rack-protection (1.5.3)
      rack
    rb-fsevent (0.10.2)
    rb-inotify (0.9.10)
      ffi (>= 0.5.0, < 2)
    rerun (0.11.0)
      listen (~> 3.0)
    ruby_dep (1.5.0)
    sinatra (1.4.8)
      rack (~> 1.5)
      rack-protection (~> 1.4)
      tilt (>= 1.3, < 3)
    sinatra-param (1.4.0)
      sinatra (~> 1.3)
    temple (0.8.0)
    tilt (2.0.8)

PLATFORMS
  ruby

DEPENDENCIES
  haml
  parslet
  rerun
  sinatra (~> 1.3)
  sinatra-param

RUBY VERSION
   ruby 2.4.2p198

BUNDLED WITH
   1.15.3
