GEM
  remote: http://rubygems.org/
  specs:
    ffi (1.11.1)
    haml (5.1.2)
      temple (>= 0.8.0)
      tilt
    listen (3.1.5)
      rb-fsevent (~> 0.9, >= 0.9.4)
      rb-inotify (~> 0.9, >= 0.9.7)
      ruby_dep (~> 1.2)
    parslet (1.8.2)
    rack (1.6.12)
    rack-protection (1.5.5)
      rack
    rb-fsevent (0.10.3)
    rb-inotify (0.10.0)
      ffi (~> 1.0)
    rerun (0.13.0)
      listen (~> 3.0)
    ruby_dep (1.5.0)
    sinatra (1.4.8)
      rack (~> 1.5)
      rack-protection (~> 1.4)
      tilt (>= 1.3, < 3)
    sinatra-param (1.6.0)
      sinatra (>= 1.3)
    temple (0.8.2)
    tilt (2.0.9)

PLATFORMS
  ruby

DEPENDENCIES
  haml
  parslet
  rack-protection (~> 1.5.5)
  rerun
  sinatra (~> 1.3)
  sinatra-param

RUBY VERSION
   ruby 2.4.2p198

BUNDLED WITH
   1.15.3
