GEM
  remote: http://rubygems.org/
  specs:
    ffi (1.11.1)
    haml (5.1.2)
      temple (>= 0.8.0)
      tilt
    listen (3.1.5)
      rb-fsevent (~> 0.9, >= 0.9.4)
      rb-inotify (~> 0.9, >= 0.9.7)
      ruby_dep (~> 1.2)
    mustermann (1.1.1)
      ruby2_keywords (~> 0.0.1)
    parslet (1.8.2)
    rack (2.2.6.4)
    rack-protection (2.2.0)
      rack
    rb-fsevent (0.10.3)
    rb-inotify (0.10.0)
      ffi (~> 1.0)
    rerun (0.13.0)
      listen (~> 3.0)
    ruby2_keywords (0.0.5)
    ruby_dep (1.5.0)
    sinatra (2.2.0)
      mustermann (~> 1.0)
      rack (~> 2.2)
      rack-protection (= 2.2.0)
      tilt (~> 2.0)
    sinatra-param (1.6.0)
      sinatra (>= 1.3)
    temple (0.8.2)
    tilt (2.0.10)

PLATFORMS
  ruby

DEPENDENCIES
  haml
  parslet
  rack-protection (~> 2.2.0)
  rerun
  sinatra (~> 2.2)
  sinatra-param

RUBY VERSION
   ruby 2.4.2p198

BUNDLED WITH
   1.15.3
